GEM
  remote: https://rubygems.org/
  specs:
    concurrent-ruby (1.3.5)
    json (2.10.2)
    logger (1.7.0)
    mime-types (3.6.2)
      logger
      mime-types-data (~> 3.2015)
    mime-types-data (3.2025.0408)
    playwright-ruby-client (1.51.0)
      concurrent-ruby (>= 1.1.6)
      mime-types (>= 3.0)

PLATFORMS
  arm64-darwin-23
  ruby

DEPENDENCIES
  json
  playwright-ruby-client

BUNDLED WITH
   2.5.9
